PATH
  remote: .
  specs:
    zendesk-rinku (1.7.3)

GEM
  remote: https://rubygems.org/
  specs:
    minitest (4.7.5)
    rake (10.3.2)
    rake-compiler (0.9.2)
      rake
    test-unit-minitest (0.9.1)
      minitest (~> 4.7)

PLATFORMS
  ruby

DEPENDENCIES
  rake
  rake-compiler
  test-unit-minitest
  zendesk-rinku!

BUNDLED WITH
   1.12.5
