PATH
  remote: .
  specs:
    zendesk-rinku (1.8.0)

GEM
  remote: https://rubygems.org/
  specs:
    minitest (5.25.4)
    rake (13.0.6)
    rake-compiler (1.2.3)
      rake

PLATFORMS
  ruby

DEPENDENCIES
  minitest
  rake
  rake-compiler
  zendesk-rinku!

BUNDLED WITH
   2.4.12
